GEM
  remote: http://rubygems.org/
  specs:
    Platform (0.4.0)
    archive-tar-minitar (0.5.2)
    builder (3.0.0)
    bunny (0.7.8)
    capistrano (2.9.0)
      highline
      net-scp (>= 1.0.0)
      net-sftp (>= 2.0.0)
      net-ssh (>= 2.0.14)
      net-ssh-gateway (>= 1.1.0)
    chef (0.8.10)
      bunny (>= 0.6.0)
      erubis
      extlib
      json
      mixlib-authentication (>= 1.1.0)
      mixlib-cli (>= 1.1.0)
      mixlib-config (>= 1.1.0)
      mixlib-log (>= 1.1.0)
      moneta
      ohai (>= 0.5.0)
    cucumber (1.0.6)
      builder (>= 2.1.2)
      diff-lcs (>= 1.1.2)
      gherkin (~> 2.4.18)
      json (>= 1.4.6)
      term-ansicolor (>= 1.0.6)
    diff-lcs (1.1.3)
    erubis (2.7.0)
    excon (0.7.6)
    extlib (0.9.15)
    ffi (1.0.9)
    fog (1.0.0)
      builder
      excon (~> 0.7.3)
      formatador (~> 0.2.0)
      mime-types
      multi_json (~> 1.0.3)
      net-scp (~> 1.0.4)
      net-ssh (~> 2.1.4)
      nokogiri (~> 1.5.0)
      ruby-hmac
    formatador (0.2.1)
    gherkin (2.4.21)
      json (>= 1.4.6)
    highline (1.6.2)
    i18n (0.5.0)
    json (1.5.4)
    mime-types (1.17.2)
    mixlib-authentication (1.1.4)
      mixlib-log
    mixlib-cli (1.2.2)
    mixlib-config (1.1.2)
    mixlib-log (1.3.0)
    moneta (0.6.0)
    multi_json (1.0.3)
    net-scp (1.0.4)
      net-ssh (>= 1.99.1)
    net-sftp (2.0.5)
      net-ssh (>= 2.0.9)
    net-ssh (2.1.4)
    net-ssh-gateway (1.1.0)
      net-ssh (>= 1.99.1)
    net-ssh-multi (1.1)
      net-ssh (>= 2.1.4)
      net-ssh-gateway (>= 0.99.0)
    nokogiri (1.5.0)
    ohai (0.6.10)
      mixlib-cli
      mixlib-config
      mixlib-log
      systemu (~> 2.2.0)
      yajl-ruby
    open4 (1.2.0)
    popen4 (0.1.2)
      Platform (>= 0.4.0)
      open4 (>= 0.4.0)
    progressbar (0.9.1)
    rspec (2.5.0)
      rspec-core (~> 2.5.0)
      rspec-expectations (~> 2.5.0)
      rspec-mocks (~> 2.5.0)
    rspec-core (2.5.2)
    rspec-expectations (2.5.0)
      diff-lcs (~> 1.1.2)
    rspec-mocks (2.5.0)
    ruby-hmac (0.4.0)
    systemu (2.2.0)
    term-ansicolor (1.0.7)
    thor (0.14.6)
    vagrant (0.8.2)
      archive-tar-minitar (= 0.5.2)
      erubis (~> 2.7.0)
      i18n (~> 0.5.0)
      json (~> 1.5.1)
      net-scp (~> 1.0.4)
      net-ssh (~> 2.1.4)
      thor (~> 0.14.6)
      virtualbox (~> 0.9.1)
    veewee (0.2.0)
      cucumber (~> 1.0.2)
      highline (~> 1.6.1)
      net-ssh (~> 2.1.0)
      popen4 (~> 0.1.2)
      progressbar
      rspec (~> 2.5.0)
      thor (~> 0.14.6)
      vagrant (~> 0.8.0)
    virtualbox (0.9.2)
      ffi (~> 1.0.9)
    yajl-ruby (1.0.0)

PLATFORMS
  ruby

DEPENDENCIES
  capistrano
  chef
  fog
  highline
  net-ssh
  net-ssh-multi
  vagrant (= 0.8.2)
  veewee (= 0.2.0)
  virtualbox (= 0.9.2)
